GIT
  remote: git://github.com/asynchrony/image_science.git
  revision: d33dbad3efaef4ddc3785e135be4006f9e80d2d9
  specs:
    image_science (1.3.2.1.Asynchrony)

GIT
  remote: git://github.com/chriseppstein/compass.git
  revision: 91a748a916360057b5caf6ea85cd38441d3b257a
  branch: rails31
  specs:
    compass (0.12.0.alpha.0.91a748a)
      chunky_png (~> 1.2)
      fssm (>= 0.2.7)
      sass (~> 3.1)

GIT
  remote: git://github.com/gregbell/active_admin.git
  revision: 4a6a8fe7f683db4c458ba0d0edc162aee5b46855
  branch: rails-3-1
  specs:
    activeadmin (0.2.2)
      devise (>= 1.1.2)
      fastercsv
      formtastic (>= 1.1.0)
      inherited_resources
      kaminari (>= 0.12.4)
      meta_search (>= 0.9.2)
      rails (>= 3.0.0)
      sass (>= 3.1.0)

GEM
  remote: http://rubygems.org/
  specs:
    actionmailer (3.1.0.rc6)
      actionpack (= 3.1.0.rc6)
      mail (~> 2.3.0)
    actionpack (3.1.0.rc6)
      activemodel (= 3.1.0.rc6)
      activesupport (= 3.1.0.rc6)
      builder (~> 3.0.0)
      erubis (~> 2.7.0)
      i18n (~> 0.6)
      rack (~> 1.3.2)
      rack-cache (~> 1.0.2)
      rack-mount (~> 0.8.1)
      rack-test (~> 0.6.0)
      sprockets (~> 2.0.0.beta.12)
    activemodel (3.1.0.rc6)
      activesupport (= 3.1.0.rc6)
      bcrypt-ruby (~> 2.1.4)
      builder (~> 3.0.0)
      i18n (~> 0.6)
    activerecord (3.1.0.rc6)
      activemodel (= 3.1.0.rc6)
      activesupport (= 3.1.0.rc6)
      arel (~> 2.2.1)
      tzinfo (~> 0.3.29)
    activeresource (3.1.0.rc6)
      activemodel (= 3.1.0.rc6)
      activesupport (= 3.1.0.rc6)
    activesupport (3.1.0.rc6)
      multi_json (~> 1.0)
    annotate (2.4.0)
    ansi (1.3.0)
    arel (2.2.1)
    bcrypt-ruby (2.1.4)
    builder (3.0.0)
    carrierwave (0.5.7)
      activesupport (~> 3.0)
    chunky_png (1.2.1)
    coffee-rails (3.1.0.rc.6)
      coffee-script (>= 2.2.0)
      railties (~> 3.1.0.rc1)
    coffee-script (2.2.0)
      coffee-script-source
      execjs
    coffee-script-source (1.1.2)
    daemons (1.0.10)
    decent_exposure (1.0.1)
    devise (1.4.2)
      bcrypt-ruby (~> 2.1.2)
      orm_adapter (~> 0.0.3)
      warden (~> 1.0.3)
    erubis (2.7.0)
    execjs (1.2.4)
      multi_json (~> 1.0)
    fastercsv (1.5.4)
    formtastic (1.2.4)
      actionpack (>= 2.3.7)
      activesupport (>= 2.3.7)
      i18n (~> 0.4)
    fssm (0.2.7)
    gem_plugin (0.2.3)
    has_scope (0.5.1)
    hike (1.2.0)
    i18n (0.6.0)
    inherited_resources (1.2.2)
      has_scope (~> 0.5.0)
      responders (~> 0.6.0)
    jquery-rails (1.0.13)
      railties (~> 3.0)
      thor (~> 0.14)
    kaminari (0.12.4)
      rails (>= 3.0.0)
    mail (2.3.0)
      i18n (>= 0.4.0)
      mime-types (~> 1.16)
      treetop (~> 1.4.8)
    meta_search (1.1.0.pre2)
      actionpack (~> 3.1.0.alpha)
      activerecord (~> 3.1.0.alpha)
      activesupport (~> 3.1.0.alpha)
    mime-types (1.16)
    modernizr-rails (2.0.6)
    mongrel (1.2.0.pre2)
      daemons (~> 1.0.10)
      gem_plugin (~> 0.2.3)
    multi_json (1.0.3)
    mysql2 (0.3.7)
    orm_adapter (0.0.5)
    polyglot (0.3.2)
    rack (1.3.2)
    rack-cache (1.0.2)
      rack (>= 0.4)
    rack-mount (0.8.2)
      rack (>= 1.0.0)
    rack-ssl (1.3.2)
      rack
    rack-test (0.6.1)
      rack (>= 1.0)
    rails (3.1.0.rc6)
      actionmailer (= 3.1.0.rc6)
      actionpack (= 3.1.0.rc6)
      activerecord (= 3.1.0.rc6)
      activeresource (= 3.1.0.rc6)
      activesupport (= 3.1.0.rc6)
      bundler (~> 1.0)
      railties (= 3.1.0.rc6)
    railties (3.1.0.rc6)
      actionpack (= 3.1.0.rc6)
      activesupport (= 3.1.0.rc6)
      rack-ssl (~> 1.3.2)
      rake (>= 0.8.7)
      rdoc (~> 3.4)
      thor (~> 0.14.6)
    rake (0.9.2)
    rdoc (3.9.2)
    remotipart (0.4.1)
    responders (0.6.4)
    sass (3.1.7)
    sass-rails (3.1.0.rc.6)
      actionpack (~> 3.1.0.rc6)
      railties (~> 3.1.0.rc6)
      sass (>= 3.1.4)
    sprockets (2.0.0.beta.13)
      hike (~> 1.2)
      rack (~> 1.0)
      tilt (!= 1.3.0, ~> 1.1)
    thor (0.14.6)
    tilt (1.3.2)
    treetop (1.4.10)
      polyglot
      polyglot (>= 0.3.1)
    turn (0.8.2)
      ansi (>= 1.2.2)
    tzinfo (0.3.29)
    uglifier (1.0.1)
      execjs (>= 0.3.0)
      multi_json (>= 1.0.2)
    warden (1.0.5)
      rack (>= 1.0)

PLATFORMS
  ruby

DEPENDENCIES
  activeadmin!
  annotate
  carrierwave
  coffee-rails (~> 3.1.0.rc)
  compass!
  decent_exposure
  devise
  image_science!
  jquery-rails
  meta_search (>= 1.1.0.pre)
  modernizr-rails
  mongrel (>= 1.2.0.pre2)
  mysql2
  rails (= 3.1.0.rc6)
  remotipart
  sass-rails (~> 3.1.0.rc)
  turn
  uglifier
